PATH
  remote: .
  specs:
    attachment_tap (0.0.1)

GEM
  remote: http://rubygems.org/
  specs:

PLATFORMS
  ruby

DEPENDENCIES
  attachment_tap!
