PATH
  remote: .
  specs:
    aye_aye (1.0)
      json

GEM
  remote: http://rubygems.org/
  specs:
    json (1.6.5)
    minitest (2.11.1)

PLATFORMS
  ruby

DEPENDENCIES
  aye_aye!
  minitest
