GEM
  remote: http://rubygems.org/
  specs:
    json (1.6.5)
    minitest (2.11.1)

PLATFORMS
  ruby

DEPENDENCIES
  json
  minitest
